GEM
  remote: http://rubygems.org/
  specs:
    ZenTest (4.8.1)
    archive-tar-minitar (0.5.2)
    hoe (3.0.6)
      rake (~> 0.8)
    rake (0.9.2.2)
    rake-compiler (0.8.1)
      rake
    ruby_core_source (0.1.5)
      archive-tar-minitar (>= 0.5.2)

PLATFORMS
  ruby

DEPENDENCIES
  ZenTest
  hoe
  rake-compiler
  ruby_core_source
